GEM
  remote: http://rubygems.org/
  specs:
    addressable (2.3.3)
    awesome_print (1.1.0)
    commonjs (0.2.6)
    directory_watcher (1.4.1)
    excon (0.16.10)
    foreman (0.61.0)
      thor (>= 0.13.6)
    forward (0.3.1)
      highline (~> 1.6.13)
      json (~> 1.7.3)
      net-ssh (~> 2.4.0)
    haml (4.0.0)
      tilt
    hashr (0.0.22)
    heroku (2.35.0)
      heroku-api (~> 0.3.7)
      launchy (>= 0.3.2)
      netrc (~> 0.7.7)
      rest-client (~> 1.6.1)
      rubyzip
    heroku-api (0.3.8)
      excon (~> 0.16.10)
    highline (1.6.16)
    jruby-pageant (1.1.1)
    json (1.7.7)
    kgio (2.8.0)
    launchy (2.2.0)
      addressable (~> 2.3)
    less (2.3.1)
      commonjs (~> 0.2.6)
    libv8 (3.11.8.17)
    lorem_ipsum_amet (0.6.2)
    mime-types (1.21)
    net-ssh (2.4.0)
      jruby-pageant (>= 1.0.2)
    netrc (0.7.7)
    rack (1.5.2)
    rack-contrib (1.1.0)
      rack (>= 0.9.1)
    raindrops (0.10.0)
    redcarpet (2.2.2)
    ref (1.0.4)
    rest-client (1.6.7)
      mime-types (>= 1.16)
    rubyzip (0.9.9)
    sass (3.2.6)
    slop (3.3.2)
    stasis (0.2.0)
      directory_watcher (= 1.4.1)
      slop (= 3.3.2)
      tilt (= 1.3.3)
    therubyracer (0.11.4)
      libv8 (~> 3.11.8.12)
      ref
    thor (0.17.0)
    tilt (1.3.3)
    unicorn (4.6.2)
      kgio (~> 2.6)
      rack
      raindrops (~> 0.7)

PLATFORMS
  ruby

DEPENDENCIES
  awesome_print
  foreman
  forward
  haml
  hashr
  heroku
  less
  lorem_ipsum_amet
  rack-contrib
  redcarpet
  sass
  stasis
  therubyracer
  unicorn
