GEM
  remote: http://rubygems.org/
  specs:
    addressable (2.3.2)
    awesome_print (1.1.0)
    directory_watcher (1.4.1)
    excon (0.16.10)
    foreman (0.61.0)
      thor (>= 0.13.6)
    haml (4.0.0)
      tilt
    hashr (0.0.22)
    heroku (2.35.0)
      heroku-api (~> 0.3.7)
      launchy (>= 0.3.2)
      netrc (~> 0.7.7)
      rest-client (~> 1.6.1)
      rubyzip
    heroku-api (0.3.7)
      excon (~> 0.16.10)
    kgio (2.8.0)
    launchy (2.2.0)
      addressable (~> 2.3)
    mime-types (1.21)
    netrc (0.7.7)
    rack (1.5.2)
    rack-contrib (1.1.0)
      rack (>= 0.9.1)
    raindrops (0.10.0)
    redcarpet (2.2.2)
    rest-client (1.6.7)
      mime-types (>= 1.16)
    rubyzip (0.9.9)
    sass (3.2.5)
    slop (3.3.2)
    stasis (0.2.0)
      directory_watcher (= 1.4.1)
      slop (= 3.3.2)
      tilt (= 1.3.3)
    thor (0.17.0)
    tilt (1.3.3)
    unicorn (4.6.0)
      kgio (~> 2.6)
      rack
      raindrops (~> 0.7)

PLATFORMS
  ruby

DEPENDENCIES
  awesome_print
  foreman
  haml
  hashr
  heroku
  rack-contrib
  redcarpet
  sass
  stasis
  unicorn
